GEM
  remote: https://rubygems.org/
  specs:
    colorize (0.8.1)

PLATFORMS
  x64-mingw32

DEPENDENCIES
  colorize

BUNDLED WITH
   2.2.15
